GEM
  remote: https://rubygems.org/
  remote: http://rails-assets.org/
  specs:
    actioncable (5.1.6)
      actionpack (= 5.1.6)
      nio4r (~> 2.0)
      websocket-driver (~> 0.6.1)
    actionmailer (5.1.6)
      actionpack (= 5.1.6)
      actionview (= 5.1.6)
      activejob (= 5.1.6)
      mail (~> 2.5, >= 2.5.4)
      rails-dom-testing (~> 2.0)
    actionpack (5.1.6)
      actionview (= 5.1.6)
      activesupport (= 5.1.6)
      rack (~> 2.0)
      rack-test (>= 0.6.3)
      rails-dom-testing (~> 2.0)
      rails-html-sanitizer (~> 1.0, >= 1.0.2)
    actionview (5.1.6)
      activesupport (= 5.1.6)
      builder (~> 3.1)
      erubi (~> 1.4)
      rails-dom-testing (~> 2.0)
      rails-html-sanitizer (~> 1.0, >= 1.0.3)
    active_model_serializers (0.10.7)
      actionpack (>= 4.1, < 6)
      activemodel (>= 4.1, < 6)
      case_transform (>= 0.2)
      jsonapi-renderer (>= 0.1.1.beta1, < 0.3)
    activejob (5.1.6)
      activesupport (= 5.1.6)
      globalid (>= 0.3.6)
    activemodel (5.1.6)
      activesupport (= 5.1.6)
    activerecord (5.1.6)
      activemodel (= 5.1.6)
      activesupport (= 5.1.6)
      arel (~> 8.0)
    activesupport (5.1.6)
      concurrent-ruby (~> 1.0, >= 1.0.2)
      i18n (>= 0.7, < 2)
      minitest (~> 5.1)
      tzinfo (~> 1.1)
    addressable (2.5.2)
      public_suffix (>= 2.0.2, < 4.0)
    arel (8.0.0)
    assignable_values (0.13.2)
      activerecord (>= 2.3)
    ast (2.4.0)
    autoprefixer-rails (8.6.4)
      execjs
    aws-eventstream (1.0.1)
    aws-partitions (1.94.0)
    aws-sdk-core (3.22.1)
      aws-eventstream (~> 1.0)
      aws-partitions (~> 1.0)
      aws-sigv4 (~> 1.0)
      jmespath (~> 1.0)
    aws-sdk-kms (1.6.0)
      aws-sdk-core (~> 3)
      aws-sigv4 (~> 1.0)
    aws-sdk-s3 (1.16.0)
      aws-sdk-core (~> 3, >= 3.21.2)
      aws-sdk-kms (~> 1)
      aws-sigv4 (~> 1.0)
    aws-sigv4 (1.0.3)
    axlsx (2.0.1)
      htmlentities (~> 4.3.1)
      nokogiri (>= 1.4.1)
      rubyzip (~> 1.0.0)
    backports (3.11.3)
    bcrypt (3.1.12)
    bootstrap (4.1.1)
      autoprefixer-rails (>= 6.0.3)
      popper_js (>= 1.12.9, < 2)
      sass (>= 3.5.2)
    brakeman (4.3.1)
    builder (3.2.3)
    capybara (3.3.1)
      addressable
      mini_mime (>= 0.1.3)
      nokogiri (~> 1.8)
      rack (>= 1.6.0)
      rack-test (>= 0.6.3)
      xpath (~> 3.1)
    capybara-screenshot (1.0.21)
      capybara (>= 1.0, < 4)
      launchy
    case_transform (0.2)
      activesupport
    climate_control (0.2.0)
    cliver (0.3.2)
    closure_tree (6.6.0)
      activerecord (>= 4.1.0)
      with_advisory_lock (>= 3.0.0)
    coderay (1.1.2)
    coffee-rails (4.2.2)
      coffee-script (>= 2.2.0)
      railties (>= 4.0.0)
    coffee-script (2.4.1)
      coffee-script-source
      execjs
    coffee-script-source (1.12.2)
    concurrent-ruby (1.0.5)
    crass (1.0.4)
    cucumber (3.1.1)
      builder (>= 2.1.2)
      cucumber-core (~> 3.1.0)
      cucumber-expressions (~> 6.0.0)
      cucumber-wire (~> 0.0.1)
      diff-lcs (~> 1.3)
      gherkin (~> 5.1.0)
      multi_json (>= 1.7.5, < 2.0)
      multi_test (>= 0.1.2)
    cucumber-core (3.1.0)
      backports (>= 3.8.0)
      cucumber-tag_expressions (~> 1.1.0)
      gherkin (>= 5.0.0)
    cucumber-expressions (6.0.1)
    cucumber-rails (1.6.0)
      capybara (>= 1.1.2, < 4)
      cucumber (>= 3.0.2, < 4)
      mime-types (>= 1.17, < 4)
      nokogiri (~> 1.8)
      railties (>= 4, < 6)
    cucumber-tag_expressions (1.1.1)
    cucumber-wire (0.0.1)
    database_cleaner (1.7.0)
    devise (4.4.3)
      bcrypt (~> 3.0)
      orm_adapter (~> 0.1)
      railties (>= 4.1.0, < 6.0)
      responders
      warden (~> 1.2.3)
    diff-lcs (1.3)
    elastic-apm (1.0.0)
      concurrent-ruby (~> 1.0.0)
    erubi (1.7.1)
    execjs (2.7.0)
    factory_girl (4.9.0)
      activesupport (>= 3.0.0)
    factory_girl_rails (4.9.0)
      factory_girl (~> 4.9.0)
      railties (>= 3.0.0)
    faraday (0.12.2)
      multipart-post (>= 1.2, < 3)
    ffi (1.9.25)
    font-awesome-sass (4.7.0)
      sass (>= 3.2)
    gherkin (5.1.0)
    globalid (0.4.1)
      activesupport (>= 4.2.0)
    graphiql-rails (1.4.11)
      railties
      sprockets-rails
    graphql (1.8.13)
    graphql-batch (0.3.9)
      graphql (>= 0.8, < 2)
      promise.rb (~> 0.7.2)
    graphql-preload (2.0.1)
      activerecord (>= 4.1, < 6)
      graphql (>= 1.5, < 2)
      graphql-batch (~> 0.3)
      promise.rb (~> 0.7)
    hashie (3.5.7)
    hirb (0.7.3)
    htmlentities (4.3.4)
    i18n (0.9.5)
      concurrent-ruby (~> 1.0)
    icalendar (2.4.1)
    idn-ruby (0.1.0)
    jaro_winkler (1.5.1)
    jmespath (1.4.0)
    jquery-rails (4.3.3)
      rails-dom-testing (>= 1, < 3)
      railties (>= 4.2.0)
      thor (>= 0.14, < 2.0)
    jsonapi-renderer (0.2.0)
    jsonb_accessor (1.0.0)
      activerecord (>= 5.0)
      activesupport (>= 5.0)
      pg (>= 0.18.1)
    jwt (1.5.6)
    kaminari (1.1.1)
      activesupport (>= 4.1.0)
      kaminari-actionview (= 1.1.1)
      kaminari-activerecord (= 1.1.1)
      kaminari-core (= 1.1.1)
    kaminari-actionview (1.1.1)
      actionview
      kaminari-core (= 1.1.1)
    kaminari-activerecord (1.1.1)
      activerecord
      kaminari-core (= 1.1.1)
    kaminari-core (1.1.1)
    launchy (2.4.3)
      addressable (~> 2.3)
    libv8 (3.16.14.19)
    lograge (0.10.0)
      actionpack (>= 4)
      activesupport (>= 4)
      railties (>= 4)
      request_store (~> 1.0)
    loofah (2.2.2)
      crass (~> 1.0.2)
      nokogiri (>= 1.5.9)
    mail (2.7.0)
      mini_mime (>= 0.1.1)
    method_source (0.8.2)
    mime-types (3.1)
      mime-types-data (~> 3.2015)
    mime-types-data (3.2016.0521)
    mimemagic (0.3.2)
    mini_mime (1.0.0)
    mini_portile2 (2.3.0)
    minitest (5.11.3)
    multi_json (1.13.1)
    multi_test (0.1.2)
    multi_xml (0.6.0)
    multipart-post (2.0.0)
    nio4r (2.3.1)
    nokogiri (1.8.4)
      mini_portile2 (~> 2.3.0)
    oauth (0.5.4)
    oauth2 (1.4.0)
      faraday (>= 0.8, < 0.13)
      jwt (~> 1.0)
      multi_json (~> 1.3)
      multi_xml (~> 0.5)
      rack (>= 1.2, < 3)
    oj (3.6.3)
    omniauth (1.8.1)
      hashie (>= 3.4.6, < 3.6.0)
      rack (>= 1.6.2, < 3)
    omniauth-facebook (5.0.0)
      omniauth-oauth2 (~> 1.2)
    omniauth-github (1.3.0)
      omniauth (~> 1.5)
      omniauth-oauth2 (>= 1.4.0, < 2.0)
    omniauth-gitlab (1.0.3)
      omniauth (~> 1.0)
      omniauth-oauth2 (~> 1.0)
    omniauth-google-oauth2 (0.5.3)
      jwt (>= 1.5)
      omniauth (>= 1.1.1)
      omniauth-oauth2 (>= 1.5)
    omniauth-oauth (1.1.0)
      oauth
      omniauth (~> 1.0)
    omniauth-oauth2 (1.5.0)
      oauth2 (~> 1.1)
      omniauth (~> 1.2)
    omniauth-tripit (0.1.0)
      omniauth
      omniauth-oauth
    omniauth-twitter (1.4.0)
      omniauth-oauth (~> 1.1)
      rack
    orm_adapter (0.5.0)
    paper_trail (7.1.3)
      activerecord (>= 4.0, < 5.2)
      request_store (~> 1.1)
    paper_trail-globalid (0.2.0)
      globalid
      paper_trail (>= 3.0.0)
    paperclip (6.0.0)
      activemodel (>= 4.2.0)
      activesupport (>= 4.2.0)
      mime-types
      mimemagic (~> 0.3.0)
      terrapin (~> 0.6.0)
    parallel (1.12.1)
    parser (2.5.1.0)
      ast (~> 2.4.0)
    patron (0.13.1)
    pg (1.0.0)
    poltergeist (1.18.1)
      capybara (>= 2.1, < 4)
      cliver (~> 0.3.1)
      websocket-driver (>= 0.2.0)
    popper_js (1.12.9)
    powerpack (0.1.2)
    promise.rb (0.7.4)
    pry (0.10.4)
      coderay (~> 1.1.0)
      method_source (~> 0.8.1)
      slop (~> 3.4)
    pry-doc (0.12.0)
      pry (~> 0.9)
      yard (~> 0.9)
    pry-nav (0.2.4)
      pry (>= 0.9.10, < 0.11.0)
    pry-rails (0.3.6)
      pry (>= 0.10.4)
    public_suffix (3.0.2)
    puma (3.11.4)
    rack (2.0.5)
    rack-proxy (0.6.4)
      rack
    rack-test (1.1.0)
      rack (>= 1.0, < 3)
    rails (5.1.6)
      actioncable (= 5.1.6)
      actionmailer (= 5.1.6)
      actionpack (= 5.1.6)
      actionview (= 5.1.6)
      activejob (= 5.1.6)
      activemodel (= 5.1.6)
      activerecord (= 5.1.6)
      activesupport (= 5.1.6)
      bundler (>= 1.3.0)
      railties (= 5.1.6)
      sprockets-rails (>= 2.0.0)
    rails-assets-fullcalendar (3.9.0)
      rails-assets-jquery (>= 2, < 4)
      rails-assets-moment (>= 2.20.1, < 3)
    rails-assets-icheck (1.0.2)
      rails-assets-jquery (>= 1.7)
    rails-assets-jquery (3.3.1)
    rails-assets-jquery-ui (1.12.1)
      rails-assets-jquery (>= 1.6)
    rails-assets-loaders.css (0.1.2)
    rails-assets-metisMenu (2.7.9)
    rails-assets-microplugin (0.0.3)
    rails-assets-moment (2.22.2)
    rails-assets-select2 (4.0.5)
    rails-assets-selectize (0.12.5)
      rails-assets-jquery (>= 1.7.0)
      rails-assets-microplugin (~> 0.0.0)
      rails-assets-sifter (~> 0.5.0)
    rails-assets-sifter (0.5.3)
    rails-assets-tether (1.4.3)
    rails-assets-underscore (1.9.1)
    rails-dom-testing (2.0.3)
      activesupport (>= 4.2.0)
      nokogiri (>= 1.6)
    rails-html-sanitizer (1.0.4)
      loofah (~> 2.2, >= 2.2.2)
    rails-i18n (5.0.4)
      i18n (~> 0.7)
      railties (~> 5.0)
    railties (5.1.6)
      actionpack (= 5.1.6)
      activesupport (= 5.1.6)
      method_source
      rake (>= 0.8.7)
      thor (>= 0.18.1, < 2.0)
    rainbow (3.0.0)
    rake (12.3.1)
    rb-fsevent (0.10.3)
    rb-inotify (0.9.10)
      ffi (>= 0.5.0, < 2)
    redcarpet (3.4.0)
    ref (2.0.0)
    request_store (1.4.1)
      rack (>= 1.4)
    responders (2.4.0)
      actionpack (>= 4.2.0, < 5.3)
      railties (>= 4.2.0, < 5.3)
    rspec-core (3.5.4)
      rspec-support (~> 3.5.0)
    rspec-expectations (3.5.0)
      diff-lcs (>= 1.2.0, < 2.0)
      rspec-support (~> 3.5.0)
    rspec-mocks (3.5.0)
      diff-lcs (>= 1.2.0, < 2.0)
      rspec-support (~> 3.5.0)
    rspec-rails (3.5.2)
      actionpack (>= 3.0)
      activesupport (>= 3.0)
      railties (>= 3.0)
      rspec-core (~> 3.5.0)
      rspec-expectations (~> 3.5.0)
      rspec-mocks (~> 3.5.0)
      rspec-support (~> 3.5.0)
    rspec-support (3.5.0)
    rubocop (0.57.2)
      jaro_winkler (~> 1.5.1)
      parallel (~> 1.10)
      parser (>= 2.5)
      powerpack (~> 0.1)
      rainbow (>= 2.2.2, < 4.0)
      ruby-progressbar (~> 1.7)
      unicode-display_width (~> 1.0, >= 1.0.1)
    ruby-kafka (0.6.7)
    ruby-prof (0.17.0)
    ruby-progressbar (1.9.0)
    rubyzip (1.0.0)
    sass (3.5.6)
      sass-listen (~> 4.0.0)
    sass-listen (4.0.0)
      rb-fsevent (~> 0.9, >= 0.9.4)
      rb-inotify (~> 0.9, >= 0.9.7)
    sass-rails (5.0.7)
      railties (>= 4.0.0, < 6)
      sass (~> 3.1)
      sprockets (>= 2.8, < 4.0)
      sprockets-rails (>= 2.0, < 4.0)
      tilt (>= 1.1, < 3)
    sentry-raven (2.7.4)
      faraday (>= 0.7.6, < 1.0)
    shoulda-matchers (3.1.2)
      activesupport (>= 4.0.0)
    skylight (2.0.2)
      skylight-core (= 2.0.2)
    skylight-core (2.0.2)
      activesupport (>= 4.2.0)
    slop (3.6.0)
    sprockets (3.7.2)
      concurrent-ruby (~> 1.0)
      rack (> 1, < 3)
    sprockets-rails (3.2.1)
      actionpack (>= 4.0)
      activesupport (>= 4.0)
      sprockets (>= 3.0.0)
    terrapin (0.6.0)
      climate_control (>= 0.0.3, < 1.0)
    therubyracer (0.12.3)
      libv8 (~> 3.16.14.15)
      ref
    thor (0.20.0)
    thread_safe (0.3.6)
    tilt (2.0.8)
    turbolinks (5.0.1)
      turbolinks-source (~> 5)
    turbolinks-source (5.1.0)
    twitter-text (2.1.0)
      idn-ruby
      unf (~> 0.1.0)
    tzinfo (1.2.5)
      thread_safe (~> 0.1)
    uglifier (4.1.13)
      execjs (>= 0.3.0, < 3)
    unf (0.1.4)
      unf_ext
    unf_ext (0.0.7.5)
    unicode-display_width (1.4.0)
    warden (1.2.7)
      rack (>= 1.0)
    webpacker (3.5.3)
      activesupport (>= 4.2)
      rack-proxy (>= 0.6.1)
      railties (>= 4.2)
    websocket-driver (0.6.5)
      websocket-extensions (>= 0.1.0)
    websocket-extensions (0.1.3)
    wisper (2.0.0)
    with_advisory_lock (3.2.0)
      activerecord (>= 3.2)
    xpath (3.1.0)
      nokogiri (~> 1.8)
    yard (0.9.14)

PLATFORMS
  ruby

DEPENDENCIES
  active_model_serializers (~> 0.10.7)
  assignable_values
  aws-sdk-s3 (~> 1)
  axlsx
  bcrypt
  bootstrap (~> 4.0)
  brakeman
  bundler (>= 1.7.0)
  capybara-screenshot
  closure_tree
  coffee-rails
  cucumber-rails
  database_cleaner
  devise
  elastic-apm
  factory_girl_rails
  faraday
  font-awesome-sass (~> 4.0)
  graphiql-rails
  graphql (~> 1.8, >= 1.8.3)
  graphql-batch (~> 0.3.9)
  graphql-preload (~> 2.0, >= 2.0.1)
  hirb
  icalendar
  jquery-rails
  jsonb_accessor (= 1.0.0)
  kaminari
  lograge
  multi_json
  oj
  omniauth
  omniauth-facebook
  omniauth-github
  omniauth-gitlab
  omniauth-google-oauth2
  omniauth-tripit
  omniauth-twitter
  paper_trail (~> 7.1)
  paper_trail-globalid (~> 0.2.0)
  paperclip
  patron
  pg
  poltergeist
  pry
  pry-doc
  pry-nav
  pry-rails
  puma
  rails (~> 5.1.0)
  rails-assets-fullcalendar!
  rails-assets-icheck!
  rails-assets-jquery-ui!
  rails-assets-loaders.css!
  rails-assets-metisMenu!
  rails-assets-moment!
  rails-assets-select2!
  rails-assets-selectize!
  rails-assets-tether!
  rails-assets-underscore!
  rails-i18n (~> 5.0.0)
  redcarpet (~> 3.4)
  rspec-rails (~> 3.5.1)
  rubocop
  ruby-kafka
  ruby-prof
  sass-rails
  sentry-raven
  shoulda-matchers
  skylight
  therubyracer
  turbolinks (~> 5.0.0)
  twitter-text
  uglifier (>= 1.3.0)
  webpacker
  wisper

BUNDLED WITH
   1.16.6
